PATH
  remote: .
  specs:
    fluent-plugin-telemetry-iosxe (0.0.3)
      fluentd (>= 0.14.10, < 2)
      net-ssh (~> 5.1.0)
      nokogiri (~> 1.10.0)
      nori (~> 2.6.0)

GEM
  remote: https://rubygems.org/
  specs:
    cool.io (1.5.3)
    dig_rb (1.0.1)
    fluentd (1.3.3)
      cool.io (>= 1.4.5, < 2.0.0)
      dig_rb (~> 1.0.0)
      http_parser.rb (>= 0.5.1, < 0.7.0)
      msgpack (>= 0.7.0, < 2.0.0)
      serverengine (>= 2.0.4, < 3.0.0)
      sigdump (~> 0.2.2)
      strptime (>= 0.2.2, < 1.0.0)
      tzinfo (~> 1.0)
      tzinfo-data (~> 1.0)
      yajl-ruby (~> 1.0)
    http_parser.rb (0.6.0)
    mini_portile2 (2.4.0)
    msgpack (1.2.6)
    net-ssh (5.1.0)
    nokogiri (1.10.0)
      mini_portile2 (~> 2.4.0)
    nori (2.6.0)
    power_assert (1.1.1)
    rake (12.3.0)
    serverengine (2.1.0)
      sigdump (~> 0.2.2)
    sigdump (0.2.4)
    strptime (0.2.3)
    test-unit (3.2.6)
      power_assert
    thread_safe (0.3.6)
    tzinfo (1.2.5)
      thread_safe (~> 0.1)
    tzinfo-data (1.2018.9)
      tzinfo (>= 1.0.0)
    yajl-ruby (1.4.1)

PLATFORMS
  ruby

DEPENDENCIES
  bundler (~> 2.0.1)
  fluent-plugin-telemetry-iosxe!
  rake (~> 12.0)
  test-unit (~> 3.0)

BUNDLED WITH
   2.0.1
