PATH
  remote: .
  specs:
    fluent-plugin-telemetry-iosxe (0.0.1)
      fluentd (>= 0.14.10, < 2)
      net-ssh (~> 4.2.0)
      nokogiri (~> 1.8.1)
      nori (~> 2.6.0)

GEM
  remote: https://rubygems.org/
  specs:
    cool.io (1.5.3)
    fluentd (1.0.1)
      cool.io (>= 1.4.5, < 2.0.0)
      http_parser.rb (>= 0.5.1, < 0.7.0)
      msgpack (>= 0.7.0, < 2.0.0)
      ruby_dig (~> 0.0.2)
      serverengine (>= 2.0.4, < 3.0.0)
      sigdump (~> 0.2.2)
      strptime (~> 0.1)
      tzinfo (~> 1.0)
      tzinfo-data (~> 1.0)
      yajl-ruby (~> 1.0)
    http_parser.rb (0.6.0)
    mini_portile2 (2.3.0)
    msgpack (1.2.0)
    net-ssh (4.2.0)
    nokogiri (1.8.1)
      mini_portile2 (~> 2.3.0)
    nori (2.6.0)
    power_assert (1.1.1)
    rake (12.3.0)
    ruby_dig (0.0.2)
    serverengine (2.0.5)
      sigdump (~> 0.2.2)
    sigdump (0.2.4)
    strptime (0.1.9)
    test-unit (3.2.6)
      power_assert
    thread_safe (0.3.6)
    tzinfo (1.2.4)
      thread_safe (~> 0.1)
    tzinfo-data (1.2017.3)
      tzinfo (>= 1.0.0)
    yajl-ruby (1.3.1)

PLATFORMS
  ruby

DEPENDENCIES
  bundler (~> 1.14)
  fluent-plugin-telemetry-iosxe!
  rake (~> 12.0)
  test-unit (~> 3.0)

BUNDLED WITH
   1.16.0
